PATH
  remote: /Users/caiotorres/Projects/Personal/active_repository
  specs:
    active_repository (0.1.0)
      active_hash (>= 0.9.12)
      activemodel (>= 3.2.6)

GEM
  remote: https://rubygems.org/
  specs:
    abstract_type (0.0.2)
    active_hash (0.9.12)
      activesupport (>= 2.2.2)
    activemodel (3.2.9)
      activesupport (= 3.2.9)
      builder (~> 3.0.0)
    activesupport (3.2.9)
      i18n (~> 0.6)
      multi_json (~> 1.0)
    adamantium (0.0.5)
      backports (~> 2.7.0)
      ice_nine (~> 0.6.0)
    backports (2.7.1)
    bourne (1.1.2)
      mocha (= 0.10.5)
    builder (3.0.4)
    descendants_tracker (0.0.1)
    diff-lcs (1.1.3)
    equalizer (0.0.3)
      adamantium (~> 0.0.5)
      backports (~> 2.7.0)
    i18n (0.6.1)
    ice_nine (0.6.0)
    mbj-inflector (0.0.2)
    metaclass (0.0.1)
    mocha (0.10.5)
      metaclass (~> 0.0.1)
    multi_json (1.5.0)
    mutant (0.2.16)
      abstract_type (~> 0.0.2)
      adamantium (~> 0.0.4)
      backports (~> 2.6)
      descendants_tracker (~> 0.0.1)
      diff-lcs (~> 1.1.3)
      equalizer (~> 0.0.1)
      ice_nine (~> 0.6.0)
      mbj-inflector (~> 0.0.1)
      to_source (~> 0.2.14)
    mutant-melbourne (2.0.3)
    rspec (2.12.0)
      rspec-core (~> 2.12.0)
      rspec-expectations (~> 2.12.0)
      rspec-mocks (~> 2.12.0)
    rspec-core (2.12.1)
    rspec-expectations (2.12.0)
      diff-lcs (~> 1.1.3)
    rspec-mocks (2.12.0)
    shoulda-matchers (1.4.2)
      activesupport (>= 3.0.0)
      bourne (~> 1.1.2)
    simplecov (0.7.1)
      multi_json (~> 1.0)
      simplecov-html (~> 0.7.1)
    simplecov-html (0.7.1)
    to_source (0.2.17)
      abstract_type (~> 0.0.2)
      adamantium (~> 0.0.5)
      equalizer (~> 0.0.3)
      mutant-melbourne (~> 2.0.3)

PLATFORMS
  ruby

DEPENDENCIES
  active_repository!
  mutant
  rspec
  shoulda-matchers
  simplecov
