PATH
  remote: /Users/caiotorres/Projects/Personal/active_repository
  specs:
    active_repository (0.1.0)
      active_hash (>= 0.9.12)
      activemodel (>= 3.2.6)

GEM
  remote: https://rubygems.org/
  specs:
    active_hash (0.9.12)
      activesupport (>= 2.2.2)
    activemodel (3.2.9)
      activesupport (= 3.2.9)
      builder (~> 3.0.0)
    activesupport (3.2.9)
      i18n (~> 0.6)
      multi_json (~> 1.0)
    bourne (1.1.2)
      mocha (= 0.10.5)
    builder (3.0.4)
    diff-lcs (1.1.3)
    i18n (0.6.1)
    metaclass (0.0.1)
    mocha (0.10.5)
      metaclass (~> 0.0.1)
    multi_json (1.5.0)
    rspec (2.12.0)
      rspec-core (~> 2.12.0)
      rspec-expectations (~> 2.12.0)
      rspec-mocks (~> 2.12.0)
    rspec-core (2.12.1)
    rspec-expectations (2.12.0)
      diff-lcs (~> 1.1.3)
    rspec-mocks (2.12.0)
    shoulda-matchers (1.4.2)
      activesupport (>= 3.0.0)
      bourne (~> 1.1.2)
    simplecov (0.7.1)
      multi_json (~> 1.0)
      simplecov-html (~> 0.7.1)
    simplecov-html (0.7.1)

PLATFORMS
  ruby

DEPENDENCIES
  active_repository!
  rspec
  shoulda-matchers
  simplecov
