GEM
  remote: https://rubygems.org/
  specs:
    active_hash (0.9.13)
      activesupport (>= 2.2.2)
    active_repository (0.2.0)
      active_hash (>= 0.9.12)
      activemodel (>= 3.2.6)
    activemodel (3.2.12)
      activesupport (= 3.2.12)
      builder (~> 3.0.0)
    activerecord (3.2.12)
      activemodel (= 3.2.12)
      activesupport (= 3.2.12)
      arel (~> 3.0.2)
      tzinfo (~> 0.3.29)
    activesupport (3.2.12)
      i18n (~> 0.6)
      multi_json (~> 1.0)
    arel (3.0.2)
    bourne (1.1.2)
      mocha (= 0.10.5)
    builder (3.0.4)
    diff-lcs (1.1.3)
    i18n (0.6.1)
    metaclass (0.0.1)
    mocha (0.10.5)
      metaclass (~> 0.0.1)
    mongoid (3.1.1)
      activemodel (~> 3.2)
      moped (~> 1.4.2)
      origin (~> 1.0)
      tzinfo (~> 0.3.22)
    moped (1.4.2)
    multi_json (1.6.1)
    origin (1.0.11)
    rspec (2.12.0)
      rspec-core (~> 2.12.0)
      rspec-expectations (~> 2.12.0)
      rspec-mocks (~> 2.12.0)
    rspec-core (2.12.2)
    rspec-expectations (2.12.1)
      diff-lcs (~> 1.1.3)
    rspec-mocks (2.12.2)
    shoulda-matchers (1.4.2)
      activesupport (>= 3.0.0)
      bourne (~> 1.1.2)
    simplecov (0.7.1)
      multi_json (~> 1.0)
      simplecov-html (~> 0.7.1)
    simplecov-html (0.7.1)
    sqlite3 (1.3.7)
    tzinfo (0.3.35)

PLATFORMS
  ruby

DEPENDENCIES
  active_repository
  activerecord
  mongoid
  rspec
  shoulda-matchers
  simplecov
  sqlite3
